GEM
  remote: https://rubygems.org/
  specs:
    ffi (1.9.18)
    haml (5.0.3)
      temple (>= 0.8.0)
      tilt
    listen (3.0.8)
      rb-fsevent (~> 0.9, >= 0.9.4)
      rb-inotify (~> 0.9, >= 0.9.7)
    pandoc-ruby (2.0.1)
    rake (12.1.0)
    rb-fsevent (0.9.8)
    rb-inotify (0.9.8)
      ffi (>= 0.5.0)
    temple (0.8.0)
    tilt (2.0.8)

PLATFORMS
  ruby

DEPENDENCIES
  haml
  listen
  pandoc-ruby
  rake

BUNDLED WITH
   1.13.6
